GEM
  remote: https://rubygems.org/
  specs:
    activesupport (5.2.1)
      concurrent-ruby (~> 1.0, >= 1.0.2)
      i18n (>= 0.7, < 2)
      minitest (~> 5.1)
      tzinfo (~> 1.1)
    bech32 (1.0.5)
    bitcoinrb (0.2.2)
      bech32 (~> 1.0.3)
      daemon-spawn
      ecdsa
      eventmachine
      eventmachine_httpserver
      ffi
      iniparse
      leb128 (~> 1.0.0)
      murmurhash3
      protobuf
      rest-client
      siphash
      thor
    concurrent-ruby (1.1.3)
    daemon-spawn (0.4.2)
    domain_name (0.5.20180417)
      unf (>= 0.0.5, < 1.0.0)
    ecdsa (1.2.0)
    eventmachine (1.2.7)
    eventmachine_httpserver (0.2.1)
    faraday (0.15.3)
      multipart-post (>= 1.2, < 3)
    faraday_ln_paywall (0.1.0)
      faraday (> 0.8)
      grpc (>= 1.16.0)
      lightning-invoice (~> 0.1.2)
    ffi (1.9.25)
    google-protobuf (3.6.1)
    googleapis-common-protos-types (1.0.2)
      google-protobuf (~> 3.0)
    grpc (1.16.0)
      google-protobuf (~> 3.1)
      googleapis-common-protos-types (~> 1.0.0)
    http-cookie (1.0.3)
      domain_name (~> 0.5)
    i18n (1.1.1)
      concurrent-ruby (~> 1.0)
    iniparse (1.4.4)
    kramdown (1.17.0)
    leb128 (1.0.0)
    lightning-invoice (0.1.3)
      bech32
      bitcoinrb
    middleware (0.1.0)
    mime-types (3.2.2)
      mime-types-data (~> 3.2015)
    mime-types-data (3.2018.0812)
    minitest (5.11.3)
    multipart-post (2.0.0)
    murmurhash3 (0.1.6)
    mustermann (1.0.3)
    netrc (0.11.0)
    pdf-core (0.7.0)
    prawn (2.2.2)
      pdf-core (~> 0.7.0)
      ttfunk (~> 1.5)
    prawn-table (0.2.2)
      prawn (>= 1.3.0, < 3.0.0)
    protobuf (3.8.5)
      activesupport (>= 3.2)
      middleware
      thor
      thread_safe
    puma (3.12.0)
    rack (2.0.6)
    rack-lightning (0.1.1)
      grpc (>= 1.16.0)
      rack
    rack-protection (2.0.4)
      rack
    rest-client (2.0.2)
      http-cookie (>= 1.0.2, < 2.0)
      mime-types (>= 1.16, < 4.0)
      netrc (~> 0.8)
    sinatra (2.0.4)
      mustermann (~> 1.0)
      rack (~> 2.0)
      rack-protection (= 2.0.4)
      tilt (~> 2.0)
    siphash (0.0.1)
    thor (0.20.3)
    thread_safe (0.3.6)
    tilt (2.0.8)
    ttfunk (1.5.1)
    tzinfo (1.2.5)
      thread_safe (~> 0.1)
    unf (0.1.4)
      unf_ext
    unf_ext (0.0.7.5)

PLATFORMS
  ruby

DEPENDENCIES
  faraday_ln_paywall
  kramdown
  prawn
  prawn-table
  puma
  rack-lightning
  sinatra

BUNDLED WITH
   1.17.1
